GEM
  remote: https://rubygems.org/
  specs:
    coderay (1.1.2)
    fakeredis (0.7.0)
      redis (>= 3.2, < 5.0)
    jwt (2.1.0)
    method_source (0.9.0)
    mustermann (1.0.3)
    pry (0.11.3)
      coderay (~> 1.1.0)
      method_source (~> 0.9.0)
    rack (2.0.5)
    rack-protection (2.0.4)
      rack
    redis (4.0.2)
    sinatra (2.0.4)
      mustermann (~> 1.0)
      rack (~> 2.0)
      rack-protection (= 2.0.4)
      tilt (~> 2.0)
    tilt (2.0.8)

PLATFORMS
  ruby

DEPENDENCIES
  fakeredis
  jwt
  pry
  sinatra

BUNDLED WITH
   1.16.4
